GEM
  remote: https://rubygems.org/
  specs:
    eventmachine (1.2.0.1)
    faraday (0.9.2)
      multipart-post (>= 1.2, < 3)
    faye-websocket (0.10.4)
      eventmachine (>= 0.12.0)
      websocket-driver (>= 0.5.1)
    http_router (0.11.2)
      rack (>= 1.0.0)
      url_mount (~> 0.2.1)
    httparty (0.14.0)
      multi_xml (>= 0.5.2)
    i18n (0.7.0)
    ice_nine (0.11.2)
    json (2.0.2)
    jwt (1.5.6)
    lita (4.6.1)
      bundler (>= 1.3)
      faraday (>= 0.8.7)
      http_router (>= 0.11.2)
      i18n (>= 0.6.9)
      ice_nine (>= 0.11.0)
      multi_json (>= 1.7.7)
      puma (>= 2.7.1)
      rack (>= 1.5.2)
      rb-readline (>= 0.5.1)
      redis-namespace (>= 1.3.0)
      thor (>= 0.18.1)
    lita-slack (1.7.2)
      eventmachine
      faraday
      faye-websocket (>= 0.8.0)
      lita (>= 4.6.0)
      multi_json
    multi_json (1.12.1)
    multi_xml (0.5.5)
    multipart-post (2.0.0)
    oauth2 (1.2.0)
      faraday (>= 0.8, < 0.10)
      jwt (~> 1.0)
      multi_json (~> 1.3)
      multi_xml (~> 0.5)
      rack (>= 1.2, < 3)
    puma (3.6.0)
    rack (2.0.1)
    rb-readline (0.5.3)
    redis (3.3.1)
    redis-namespace (1.5.2)
      redis (~> 3.0, >= 3.0.4)
    thor (0.19.1)
    trollop (2.1.2)
    url_mount (0.2.1)
      rack
    websocket-driver (0.6.4)
      websocket-extensions (>= 0.1.0)
    websocket-extensions (0.1.2)

PLATFORMS
  ruby

DEPENDENCIES
  httparty
  json
  lita (~> 4.6.1)
  lita-slack (~> 1.7.1)
  oauth2
  trollop

BUNDLED WITH
   1.13.2
